GEM
  remote: https://rubygems.org/
  specs:
    anemone (0.7.2)
      nokogiri (>= 1.3.0)
      robotex (>= 1.0.0)
    asciidoctor (2.0.10)
    colorize (0.5.8)
    link-checker (0.7.2)
      anemone (~> 0.7.2)
      colorize (~> 0.5.8)
      nokogiri (~> 1.5.5)
      trollop (~> 2.0)
    nokogiri (1.5.11)
    robotex (1.0.0)
    trollop (2.9.10)

PLATFORMS
  ruby

DEPENDENCIES
  asciidoctor
  link-checker

BUNDLED WITH
   2.1.4
